GEM
  remote: https://rubygems.org/
  specs:
    rake (10.1.1)
    sem_ver (0.1.1)
    term-ansicolor (1.3.0)
      tins (~> 1.0)
    tins (1.0.1)

PLATFORMS
  ruby

DEPENDENCIES
  rake
  sem_ver
  term-ansicolor
